GEM
  remote: https://rubygems.org/
  specs:
    kramdown (2.3.1)
      rexml
    rexml (3.2.8)
      strscan (>= 3.0.9)
    strscan (3.1.0)

PLATFORMS
  ruby

DEPENDENCIES
  kramdown (>= 2.3.1)

BUNDLED WITH
   2.1.4
